GEM
  remote: https://rubygems.org/
  specs:
    breakpoint (2.0.5)
      compass (>= 0.12.1)
      sass (>= 3.2.0)
    chunky_png (1.2.8)
    columnize (0.3.6)
    compass (0.12.2)
      chunky_png (~> 1.2)
      fssm (>= 0.2.7)
      sass (~> 3.1)
    fssm (0.2.10)
    linecache (0.46)
      rbx-require-relative (> 0.0.4)
    rake (10.1.0)
    rbx-require-relative (0.0.9)
    ruby-debug (0.10.4)
      columnize (>= 0.1)
      ruby-debug-base (~> 0.10.4.0)
    ruby-debug-base (0.10.4)
      linecache (>= 0.3)
    sass (3.2.9)
    singularitygs (1.0.8)
      breakpoint (>= 2.0.1)
      compass (>= 0.12.2)
      sass (>= 3.2.1)

PLATFORMS
  ruby

DEPENDENCIES
  compass (= 0.12.2)
  rake
  ruby-debug
  singularitygs (~> 1.0.7)
